GEM
  remote: https://rubygems.org/
  specs:
    celluloid (0.17.3)
      celluloid-essentials
      celluloid-extras
      celluloid-fsm
      celluloid-pool
      celluloid-supervision
      timers (>= 4.1.1)
    celluloid-essentials (0.20.5)
      timers (>= 4.1.1)
    celluloid-extras (0.20.5)
      timers (>= 4.1.1)
    celluloid-fsm (0.20.5)
      timers (>= 4.1.1)
    celluloid-io (0.17.3)
      celluloid (>= 0.17.2)
      nio4r (>= 1.1)
      timers (>= 4.1.1)
    celluloid-pool (0.20.5)
      timers (>= 4.1.1)
    celluloid-supervision (0.20.6)
      timers (>= 4.1.1)
    eye (0.9.1)
      celluloid (~> 0.17.3)
      celluloid-io (~> 0.17.0)
      sigar (~> 0.7.3)
      state_machines
      thor
    ezmq (0.4.4)
      ffi-rzmq (~> 2.0)
    ffi (1.9.14)
    ffi-rzmq (2.0.4)
      ffi-rzmq-core (>= 1.0.1)
    ffi-rzmq-core (1.0.5)
      ffi
    hitimes (1.2.4)
    nio4r (1.2.1)
    sigar (0.7.3)
    state_machines (0.4.0)
    thor (0.19.1)
    timers (4.1.1)
      hitimes

PLATFORMS
  ruby

DEPENDENCIES
  eye
  ezmq

BUNDLED WITH
   1.13.6
