GEM
  remote: https://rubygems.org/
  specs:
    celluloid (0.17.3)
      celluloid-essentials
      celluloid-extras
      celluloid-fsm
      celluloid-pool
      celluloid-supervision
      timers (>= 4.1.1)
    celluloid-essentials (0.20.5)
      timers (>= 4.1.1)
    celluloid-extras (0.20.5)
      timers (>= 4.1.1)
    celluloid-fsm (0.20.5)
      timers (>= 4.1.1)
    celluloid-io (0.17.3)
      celluloid (>= 0.17.2)
      nio4r (>= 1.1)
      timers (>= 4.1.1)
    celluloid-pool (0.20.5)
      timers (>= 4.1.1)
    celluloid-supervision (0.20.6)
      timers (>= 4.1.1)
    domain_name (0.5.20161021)
      unf (>= 0.0.5, < 1.0.0)
    eye (0.9.1)
      celluloid (~> 0.17.3)
      celluloid-io (~> 0.17.0)
      sigar (~> 0.7.3)
      state_machines
      thor
    ezmq (0.4.4)
      ffi-rzmq (~> 2.0)
    ffi (1.9.14)
    ffi-rzmq (2.0.4)
      ffi-rzmq-core (>= 1.0.1)
    ffi-rzmq-core (1.0.5)
      ffi
    hitimes (1.2.4)
    http-cookie (1.0.3)
      domain_name (~> 0.5)
    mailgun-ruby (1.1.2)
      rest-client (~> 2.0)
    mime-types (3.1)
      mime-types-data (~> 3.2015)
    mime-types-data (3.2016.0521)
    netrc (0.11.0)
    nio4r (1.2.1)
    rest-client (2.0.0)
      http-cookie (>= 1.0.2, < 2.0)
      mime-types (>= 1.16, < 4.0)
      netrc (~> 0.8)
    sigar (0.7.3)
    state_machines (0.4.0)
    thor (0.19.1)
    timers (4.1.1)
      hitimes
    unf (0.1.4)
      unf_ext
    unf_ext (0.0.7.2)

PLATFORMS
  ruby

DEPENDENCIES
  eye
  ezmq
  mailgun-ruby

BUNDLED WITH
   1.13.6
